GIT
  remote: https://github.com/instructure/ims-lti.git
  revision: 086b6152e49dfa50921f7d9fdfee2dfe8f3c8dca
  specs:
    ims-lti (1.1.8)
      builder
      oauth (~> 0.4.5)

GEM
  remote: https://rubygems.org/
  specs:
    builder (3.2.2)
    oauth (0.4.7)
    rack (1.6.4)
    rack-protection (1.5.3)
      rack
    shotgun (0.9.1)
      rack (>= 1.0)
    sinatra (1.4.6)
      rack (~> 1.4)
      rack-protection (~> 1.4)
      tilt (>= 1.3, < 3)
    tilt (2.0.1)

PLATFORMS
  ruby

DEPENDENCIES
  ims-lti!
  shotgun
  sinatra

BUNDLED WITH
   1.10.5
